GIT
  remote: https://github.com/veelenga/less-rails-bootstrap
  revision: 7c479c2fdff500dc036c15364aa085332a73c642
  ref: 7c479c2fdff500dc036c15364aa085332a73c642
  specs:
    less-rails-bootstrap (3.3.5.0)
      less-rails (>= 3.0)

GEM
  remote: https://rubygems.org/
  specs:
    actioncable (6.0.3.6)
      actionpack (= 6.0.3.6)
      nio4r (~> 2.0)
      websocket-driver (>= 0.6.1)
    actionmailbox (6.0.3.6)
      actionpack (= 6.0.3.6)
      activejob (= 6.0.3.6)
      activerecord (= 6.0.3.6)
      activestorage (= 6.0.3.6)
      activesupport (= 6.0.3.6)
      mail (>= 2.7.1)
    actionmailer (6.0.3.6)
      actionpack (= 6.0.3.6)
      actionview (= 6.0.3.6)
      activejob (= 6.0.3.6)
      mail (~> 2.5, >= 2.5.4)
      rails-dom-testing (~> 2.0)
    actionpack (6.0.3.6)
      actionview (= 6.0.3.6)
      activesupport (= 6.0.3.6)
      rack (~> 2.0, >= 2.0.8)
      rack-test (>= 0.6.3)
      rails-dom-testing (~> 2.0)
      rails-html-sanitizer (~> 1.0, >= 1.2.0)
    actiontext (6.0.3.6)
      actionpack (= 6.0.3.6)
      activerecord (= 6.0.3.6)
      activestorage (= 6.0.3.6)
      activesupport (= 6.0.3.6)
      nokogiri (>= 1.8.5)
    actionview (6.0.3.6)
      activesupport (= 6.0.3.6)
      builder (~> 3.1)
      erubi (~> 1.4)
      rails-dom-testing (~> 2.0)
      rails-html-sanitizer (~> 1.1, >= 1.2.0)
    activejob (6.0.3.6)
      activesupport (= 6.0.3.6)
      globalid (>= 0.3.6)
    activemodel (6.0.3.6)
      activesupport (= 6.0.3.6)
    activerecord (6.0.3.6)
      activemodel (= 6.0.3.6)
      activesupport (= 6.0.3.6)
    activerecord-import (1.0.8)
      activerecord (>= 3.2)
    activestorage (6.0.3.6)
      actionpack (= 6.0.3.6)
      activejob (= 6.0.3.6)
      activerecord (= 6.0.3.6)
      marcel (~> 1.0.0)
    activesupport (6.0.3.6)
      concurrent-ruby (~> 1.0, >= 1.0.2)
      i18n (>= 0.7, < 2)
      minitest (~> 5.1)
      tzinfo (~> 1.1)
      zeitwerk (~> 2.2, >= 2.2.2)
    addressable (2.8.0)
      public_suffix (>= 2.0.2, < 5.0)
    airbrake (10.0.6)
      airbrake-ruby (~> 4.13)
    airbrake-ruby (4.15.0)
      rbtree3 (~> 0.5)
    airbrussh (1.4.0)
      sshkit (>= 1.6.1, != 1.7.0)
    better_errors (2.9.1)
      coderay (>= 1.0.0)
      erubi (>= 1.0.0)
      rack (>= 0.9.0)
    binding_of_caller (1.0.0)
      debug_inspector (>= 0.0.1)
    browser (5.3.1)
    builder (3.2.4)
    byebug (11.1.3)
    capistrano (3.9.1)
      airbrussh (>= 1.0.0)
      i18n
      rake (>= 10.0.0)
      sshkit (>= 1.9.0)
    capistrano-bundler (1.6.0)
      capistrano (~> 3.1)
    capistrano-passenger (0.2.1)
      capistrano (~> 3.0)
    capistrano-rails (1.6.1)
      capistrano (~> 3.1)
      capistrano-bundler (>= 1.1, < 3)
    capistrano-rbenv (2.2.0)
      capistrano (~> 3.1)
      sshkit (~> 1.3)
    capybara (3.35.3)
      addressable
      mini_mime (>= 0.1.3)
      nokogiri (~> 1.8)
      rack (>= 1.6.0)
      rack-test (>= 0.6.3)
      regexp_parser (>= 1.5, < 3.0)
      xpath (~> 3.2)
    choice (0.2.0)
    coderay (1.1.3)
    coffee-rails (5.0.0)
      coffee-script (>= 2.2.0)
      railties (>= 5.2.0)
    coffee-script (2.4.1)
      coffee-script-source
      execjs
    coffee-script-source (1.12.2)
    commonjs (0.2.7)
    concurrent-ruby (1.1.8)
    connection_pool (2.2.4)
    crass (1.0.6)
    dalli (2.7.11)
    database_cleaner (2.0.1)
      database_cleaner-active_record (~> 2.0.0)
    database_cleaner-active_record (2.0.0)
      activerecord (>= 5.a)
      database_cleaner-core (~> 2.0.0)
    database_cleaner-core (2.0.1)
    debug_inspector (1.1.0)
    delayed_job (4.1.9)
      activesupport (>= 3.0, < 6.2)
    delayed_job_active_record (4.1.6)
      activerecord (>= 3.0, < 6.2)
      delayed_job (>= 3.0, < 5)
    diff-lcs (1.4.4)
    docile (1.3.5)
    erubi (1.10.0)
    et-orbi (1.2.4)
      tzinfo
    exception_notification (4.4.3)
      actionmailer (>= 4.0, < 7)
      activesupport (>= 4.0, < 7)
    execjs (2.7.0)
    fabrication (2.22.0)
    ffi (1.15.0)
    fugit (1.4.4)
      et-orbi (~> 1.1, >= 1.1.8)
      raabro (~> 1.4)
    globalid (0.4.2)
      activesupport (>= 4.2.0)
    haml (5.2.1)
      temple (>= 0.8.0)
      tilt
    i18n (1.8.10)
      concurrent-ruby (~> 1.0)
    jbuilder (2.11.2)
      activesupport (>= 5.0.0)
    jquery-rails (4.4.0)
      rails-dom-testing (>= 1, < 3)
      railties (>= 4.2.0)
      thor (>= 0.14, < 2.0)
    kaminari (1.2.1)
      activesupport (>= 4.1.0)
      kaminari-actionview (= 1.2.1)
      kaminari-activerecord (= 1.2.1)
      kaminari-core (= 1.2.1)
    kaminari-actionview (1.2.1)
      actionview
      kaminari-core (= 1.2.1)
    kaminari-activerecord (1.2.1)
      activerecord
      kaminari-core (= 1.2.1)
    kaminari-core (1.2.1)
    launchy (2.5.0)
      addressable (~> 2.7)
    less (2.6.0)
      commonjs (~> 0.2.7)
    less-rails (5.0.0)
      actionpack (>= 5.0)
      less (~> 2.6.0)
      sprockets (~> 3.0)
    libv8 (3.16.14.19)
    lograge (0.11.2)
      actionpack (>= 4)
      activesupport (>= 4)
      railties (>= 4)
      request_store (~> 1.0)
    loofah (2.9.1)
      crass (~> 1.0.2)
      nokogiri (>= 1.5.9)
    mail (2.7.1)
      mini_mime (>= 0.1.1)
    marcel (1.0.1)
    method_source (1.0.0)
    mini_mime (1.1.0)
    mini_portile2 (2.5.0)
    minitest (5.14.4)
    net-scp (3.0.0)
      net-ssh (>= 2.6.5, < 7.0.0)
    net-ssh (6.1.0)
    nio4r (2.5.7)
    nokogiri (1.11.3)
      mini_portile2 (~> 2.5.0)
      racc (~> 1.4)
    pg (1.2.3)
    power_assert (2.0.0)
    pry (0.13.1)
      coderay (~> 1.1)
      method_source (~> 1.0)
    pry-byebug (3.9.0)
      byebug (~> 11.0)
      pry (~> 0.13.0)
    pry-rails (0.3.9)
      pry (>= 0.10.4)
    public_suffix (4.0.6)
    raabro (1.4.0)
    racc (1.5.2)
    rack (2.2.3)
    rack-mini-profiler (2.3.1)
      rack (>= 1.2.0)
    rack-protection (2.1.0)
      rack
    rack-test (1.1.0)
      rack (>= 1.0, < 3)
    rails (6.0.3.6)
      actioncable (= 6.0.3.6)
      actionmailbox (= 6.0.3.6)
      actionmailer (= 6.0.3.6)
      actionpack (= 6.0.3.6)
      actiontext (= 6.0.3.6)
      actionview (= 6.0.3.6)
      activejob (= 6.0.3.6)
      activemodel (= 6.0.3.6)
      activerecord (= 6.0.3.6)
      activestorage (= 6.0.3.6)
      activesupport (= 6.0.3.6)
      bundler (>= 1.3.0)
      railties (= 6.0.3.6)
      sprockets-rails (>= 2.0.0)
    rails-dom-testing (2.0.3)
      activesupport (>= 4.2.0)
      nokogiri (>= 1.6)
    rails-erd (1.6.1)
      activerecord (>= 4.2)
      activesupport (>= 4.2)
      choice (~> 0.2.0)
      ruby-graphviz (~> 1.2)
    rails-html-sanitizer (1.3.0)
      loofah (~> 2.3)
    railties (6.0.3.6)
      actionpack (= 6.0.3.6)
      activesupport (= 6.0.3.6)
      method_source
      rake (>= 0.8.7)
      thor (>= 0.20.3, < 2.0)
    rake (13.0.3)
    rbtree3 (0.6.0)
    redis (4.2.5)
    ref (2.0.0)
    regexp_parser (2.1.1)
    request_store (1.5.0)
      rack (>= 1.4)
    rexml (3.2.5)
    rspec-core (3.10.1)
      rspec-support (~> 3.10.0)
    rspec-expectations (3.10.1)
      diff-lcs (>= 1.2.0, < 2.0)
      rspec-support (~> 3.10.0)
    rspec-mocks (3.10.2)
      diff-lcs (>= 1.2.0, < 2.0)
      rspec-support (~> 3.10.0)
    rspec-rails (5.0.1)
      actionpack (>= 5.2)
      activesupport (>= 5.2)
      railties (>= 5.2)
      rspec-core (~> 3.10)
      rspec-expectations (~> 3.10)
      rspec-mocks (~> 3.10)
      rspec-support (~> 3.10)
    rspec-support (3.10.2)
    ruby-graphviz (1.2.5)
      rexml
    rubyzip (2.3.0)
    sass-rails (6.0.0)
      sassc-rails (~> 2.1, >= 2.1.1)
    sassc (2.4.0)
      ffi (~> 1.9)
    sassc-rails (2.1.2)
      railties (>= 4.0.0)
      sassc (>= 2.0)
      sprockets (> 3.0)
      sprockets-rails
      tilt
    sidekiq (6.0.7)
      connection_pool (>= 2.2.2)
      rack (~> 2.0)
      rack-protection (>= 2.0.0)
      redis (>= 4.1.0)
    sidekiq-cron (1.1.0)
      fugit (~> 1.1)
      sidekiq (>= 4.2.1)
    simplecov (0.21.2)
      docile (~> 1.1)
      simplecov-html (~> 0.11)
      simplecov_json_formatter (~> 0.1)
    simplecov-html (0.12.3)
    simplecov-lcov (0.8.0)
    simplecov_json_formatter (0.1.2)
    sprockets (3.7.2)
      concurrent-ruby (~> 1.0)
      rack (> 1, < 3)
    sprockets-rails (3.2.2)
      actionpack (>= 4.0)
      activesupport (>= 4.0)
      sprockets (>= 3.0.0)
    sshkit (1.21.2)
      net-scp (>= 1.1.2)
      net-ssh (>= 2.8.0)
    staccato (0.5.3)
    stamp (0.6.0)
    syslog-logger (1.6.8)
    temple (0.8.2)
    test-unit (3.4.0)
      power_assert
    textacular (5.4.0)
      activerecord (>= 5.0, < 6.2)
    therubyracer (0.12.3)
      libv8 (~> 3.16.14.15)
      ref
    thor (1.1.0)
    thread_safe (0.3.6)
    tilt (2.0.10)
    tzinfo (1.2.9)
      thread_safe (~> 0.1)
    uglifier (4.2.0)
      execjs (>= 0.3.0, < 3)
    websocket-driver (0.7.3)
      websocket-extensions (>= 0.1.0)
    websocket-extensions (0.1.5)
    xpath (3.2.0)
      nokogiri (~> 1.8)
    zeitwerk (2.4.2)

PLATFORMS
  ruby

DEPENDENCIES
  activerecord-import
  airbrake (~> 10.0.5)
  better_errors
  binding_of_caller
  browser
  capistrano (~> 3.9.0)
  capistrano-bundler (~> 1.6)
  capistrano-passenger (~> 0.2.0)
  capistrano-rails (~> 1.3)
  capistrano-rbenv (~> 2.0)
  capybara
  coffee-rails
  dalli
  database_cleaner
  delayed_job (~> 4.1.4)
  delayed_job_active_record
  exception_notification
  fabrication
  haml
  jbuilder
  jquery-rails
  kaminari (~> 1.2.1)
  launchy
  less-rails-bootstrap!
  libv8
  lograge
  nokogiri
  pg (~> 1.2.3)
  pry-byebug
  pry-rails
  rack-mini-profiler
  rails (~> 6.0.3)
  rails-erd
  rake
  rspec-rails
  rubyzip
  sass-rails
  sidekiq (~> 6.0.3)
  sidekiq-cron (~> 1.1.0)
  simplecov
  simplecov-lcov
  staccato (~> 0.5.3)
  stamp
  syslog-logger
  test-unit
  textacular
  therubyracer
  uglifier
  xpath

BUNDLED WITH
   1.17.3
